GEM
  remote: http://rubygems.org/
  specs:
    activesupport (3.2.10)
      i18n (~> 0.6)
      multi_json (~> 1.0)
    i18n (0.6.1)
    multi_json (1.5.0)
    nokogiri (1.5.6)
    rack (1.4.4)

PLATFORMS
  ruby

DEPENDENCIES
  activesupport
  nokogiri
  rack
